PATH
  remote: .
  specs:
    updown (0.0.1)
      gem_config
      rest-client

GEM
  remote: https://rubygems.org/
  specs:
    gem_config (0.3.1)
    mime-types (2.4.3)
    netrc (0.10.3)
    rake (10.4.2)
    rest-client (1.7.3)
      mime-types (>= 1.16, < 3.0)
      netrc (~> 0.7)

PLATFORMS
  ruby

DEPENDENCIES
  bundler (~> 1.7)
  rake (~> 10.0)
  updown!
